GEM
  remote: https://rubygems.org/
  specs:
    cinch (2.3.2)

PLATFORMS
  ruby

DEPENDENCIES
  cinch

BUNDLED WITH
   1.11.2
